GEM
  remote: https://rubygems.org/
  specs:
    exif (2.2.3)

PLATFORMS
  x86_64-darwin-20

DEPENDENCIES
  exif

BUNDLED WITH
   2.2.32
